GEM
  remote: https://rubygems.org/
  specs:
    daemons (1.2.3)
    eventmachine (1.0.8)
    kgio (2.10.0)
    passenger (5.0.22)
      rack
      rake (>= 0.8.1)
    rack (1.6.4)
    raindrops (0.15.0)
    rake (10.4.2)
    thin (1.6.4)
      daemons (~> 1.0, >= 1.0.9)
      eventmachine (~> 1.0, >= 1.0.4)
      rack (~> 1.0)
    unicorn (5.0.1)
      kgio (~> 2.6)
      rack
      raindrops (~> 0.7)
    webrick (1.3.1)

PLATFORMS
  ruby

DEPENDENCIES
  passenger
  rack
  thin
  unicorn
  webrick

BUNDLED WITH
   1.10.5
